PATH
  remote: .
  specs:
    rbi (0.0.1)
      colorize
      parser
      sorbet (~> 0.5.5)
      sorbet-runtime
      thor (>= 0.19.2)

GEM
  remote: https://rubygems.org/
  specs:
    ast (2.4.1)
    byebug (11.1.3)
    coderay (1.1.3)
    colorize (0.8.1)
    commander (4.5.2)
      highline (~> 2.0.0)
    highline (2.0.3)
    method_source (1.0.0)
    minitest (5.14.3)
    parallel (1.20.1)
    parlour (5.0.0)
      commander (~> 4.5)
      parser
      rainbow (~> 3.0)
      sorbet-runtime (>= 0.5)
    parser (3.0.0.0)
      ast (~> 2.4.1)
    pry (0.13.1)
      coderay (~> 1.1)
      method_source (~> 1.0)
    pry-byebug (3.9.0)
      byebug (~> 11.0)
      pry (~> 0.13.0)
    rainbow (3.0.0)
    rake (13.0.3)
    regexp_parser (2.0.3)
    rexml (3.2.4)
    rubocop (1.8.0)
      parallel (~> 1.10)
      parser (>= 3.0.0.0)
      rainbow (>= 2.2.2, < 4.0)
      regexp_parser (>= 1.8, < 3.0)
      rexml
      rubocop-ast (>= 1.2.0, < 2.0)
      ruby-progressbar (~> 1.7)
      unicode-display_width (>= 1.4.0, < 3.0)
    rubocop-ast (1.4.0)
      parser (>= 2.7.1.5)
    rubocop-shopify (1.0.7)
      rubocop (~> 1.4)
    rubocop-sorbet (0.5.1)
      rubocop
    ruby-progressbar (1.11.0)
    sorbet (0.5.6198)
      sorbet-static (= 0.5.6198)
    sorbet-runtime (0.5.6198)
    sorbet-static (0.5.6198-universal-darwin-14)
    spoom (1.0.7)
      colorize
      sorbet (~> 0.5.5)
      sorbet-runtime
      thor (>= 0.19.2)
    tapioca (0.4.13)
      parlour (>= 2.1.0)
      pry (>= 0.12.2)
      sorbet-runtime
      sorbet-static (>= 0.4.4471)
      spoom
      thor (>= 0.19.2)
    thor (1.0.1)
    unicode-display_width (2.0.0)

PLATFORMS
  ruby

DEPENDENCIES
  bundler (~> 1.17)
  byebug
  minitest (~> 5.0)
  pry-byebug
  rake (~> 13.0.1)
  rbi!
  rubocop-shopify
  rubocop-sorbet
  tapioca

BUNDLED WITH
   1.17.3
